PATH
  remote: .
  specs:
    request_headers_middleware (0.0.6)
      faraday_middleware (~> 1.0)
      request_store (~> 1.4, >= 1.4.0)

GEM
  remote: https://rubygems.org/
  specs:
    addressable (2.7.0)
      public_suffix (>= 2.0.2, < 5.0)
    ast (2.4.2)
    byebug (9.0.6)
    crack (0.4.5)
      rexml
    diff-lcs (1.4.4)
    docile (1.1.5)
    faraday (1.4.1)
      faraday-excon (~> 1.1)
      faraday-net_http (~> 1.0)
      faraday-net_http_persistent (~> 1.1)
      multipart-post (>= 1.2, < 3)
      ruby2_keywords (>= 0.0.4)
    faraday-excon (1.1.0)
    faraday-net_http (1.0.1)
    faraday-net_http_persistent (1.1.0)
    faraday_middleware (1.0.0)
      faraday (~> 1.0)
    hashdiff (1.0.1)
    json (2.5.1)
    multipart-post (2.1.1)
    parallel (1.20.1)
    parser (3.0.1.1)
      ast (~> 2.4.1)
    powerpack (0.1.3)
    public_suffix (4.0.6)
    rack (1.6.13)
    rainbow (3.0.0)
    rake (12.3.3)
    request_store (1.5.0)
      rack (>= 1.4)
    rexml (3.2.5)
    rspec (3.10.0)
      rspec-core (~> 3.10.0)
      rspec-expectations (~> 3.10.0)
      rspec-mocks (~> 3.10.0)
    rspec-core (3.10.1)
      rspec-support (~> 3.10.0)
    rspec-expectations (3.10.1)
      diff-lcs (>= 1.2.0, < 2.0)
      rspec-support (~> 3.10.0)
    rspec-mocks (3.10.2)
      diff-lcs (>= 1.2.0, < 2.0)
      rspec-support (~> 3.10.0)
    rspec-support (3.10.2)
    rubocop (0.53.0)
      parallel (~> 1.10)
      parser (>= 2.5)
      powerpack (~> 0.1)
      rainbow (>= 2.2.2, < 4.0)
      ruby-progressbar (~> 1.7)
      unicode-display_width (~> 1.0, >= 1.0.1)
    ruby-progressbar (1.11.0)
    ruby2_keywords (0.0.4)
    simplecov (0.12.0)
      docile (~> 1.1.0)
      json (>= 1.8, < 3)
      simplecov-html (~> 0.10.0)
    simplecov-html (0.10.2)
    unicode-display_width (1.7.0)
    webmock (3.3.0)
      addressable (>= 2.3.6)
      crack (>= 0.3.2)
      hashdiff

PLATFORMS
  ruby

DEPENDENCIES
  byebug (~> 9.0.6)
  rack (~> 1.6, >= 1.6.5)
  rake (~> 12.0, >= 12.0.0)
  request_headers_middleware!
  rspec (~> 3.5, >= 3.5.0)
  rubocop (~> 0.53.0)
  simplecov (~> 0.12.0)
  webmock (~> 3.3.0)

BUNDLED WITH
   2.0.2
